GEM
  remote: https://rubygems.org/
  specs:
    addressable (2.7.0)
      public_suffix (>= 2.0.2, < 5.0)
    colorize (0.8.1)
    cookiejar (0.3.3)
    dotenv (2.7.6)
    em-http-request (1.1.7)
      addressable (>= 2.3.4)
      cookiejar (!= 0.3.1)
      em-socksify (>= 0.3)
      eventmachine (>= 1.0.3)
      http_parser.rb (>= 0.6.0)
    em-socksify (0.3.2)
      eventmachine (>= 1.0.0.beta.4)
    eventmachine (1.2.7)
    faraday (1.0.1)
      multipart-post (>= 1.2, < 3)
    faraday_middleware (1.0.0)
      faraday (~> 1.0)
    faye (1.4.0)
      cookiejar (>= 0.3.0)
      em-http-request (>= 1.1.6)
      eventmachine (>= 0.12.0)
      faye-websocket (>= 0.11.0)
      multi_json (>= 1.0.0)
      rack (>= 1.0.0)
      websocket-driver (>= 0.5.1)
    faye-websocket (0.11.0)
      eventmachine (>= 0.12.0)
      websocket-driver (>= 0.5.1)
    hashie (4.1.0)
    http_parser.rb (0.6.0)
    jwt (2.2.2)
    multi_json (1.15.0)
    multipart-post (2.1.1)
    public_suffix (4.0.6)
    rack (2.2.3)
    recursive-open-struct (1.1.2)
    restforce (5.0.3)
      faraday (>= 0.9.0, <= 2.0)
      faraday_middleware (>= 0.8.8, <= 2.0)
      hashie (>= 1.2.0, < 5.0)
      jwt (>= 1.5.6)
    websocket-driver (0.7.3)
      websocket-extensions (>= 0.1.0)
    websocket-extensions (0.1.5)

PLATFORMS
  ruby

DEPENDENCIES
  colorize
  dotenv
  faye (= 1.4)
  public_suffix
  recursive-open-struct
  restforce (~> 5.0.3)

BUNDLED WITH
   2.1.4
